GEM
  remote: https://rubygems.org/
  specs:
    CFPropertyList (3.0.7)
      base64
      nkf
      rexml
    activesupport (6.1.7.8)
      concurrent-ruby (~> 1.0, >= 1.0.2)
      i18n (>= 1.6, < 2)
      minitest (>= 5.1)
      tzinfo (~> 2.0)
      zeitwerk (~> 2.3)
    atomos (0.1.3)
    base64 (0.2.0)
    claide (1.1.0)
    clamp (1.3.2)
    colored2 (3.1.2)
    concurrent-ruby (1.3.4)
    i18n (1.14.5)
      concurrent-ruby (~> 1.0)
    mini_portile2 (2.8.7)
    minitest (5.25.1)
    nanaimo (0.3.0)
    nkf (0.2.0)
    nokogiri (1.13.10)
      mini_portile2 (~> 2.8.0)
      racc (~> 1.4)
    racc (1.8.1)
    rexml (3.3.7)
    rouge (2.0.7)
    slather (2.7.4)
      CFPropertyList (>= 2.2, < 4)
      activesupport
      clamp (~> 1.3)
      nokogiri (>= 1.13.9)
      xcodeproj (~> 1.21)
    tzinfo (2.0.6)
      concurrent-ruby (~> 1.0)
    xcodeproj (1.25.0)
      CFPropertyList (>= 2.3.3, < 4.0)
      atomos (~> 0.1.3)
      claide (>= 1.0.2, < 2.0)
      colored2 (~> 3.1)
      nanaimo (~> 0.3.0)
      rexml (>= 3.3.2, < 4.0)
    xcpretty (0.3.0)
      rouge (~> 2.0.7)
    zeitwerk (2.6.18)

PLATFORMS
  ruby

DEPENDENCIES
  slather
  xcpretty

BUNDLED WITH
   1.17.2
